PATH
  remote: .
  specs:
    async-prefix (0.1.0)
      async

GEM
  remote: https://rubygems.org/
  specs:
    async (1.30.1)
      console (~> 1.10)
      nio4r (~> 2.3)
      timers (~> 4.1)
    console (1.13.1)
      fiber-local
    diff-lcs (1.4.4)
    fiber-local (1.0.0)
    nio4r (2.5.8)
    rake (13.0.6)
    rspec (3.10.0)
      rspec-core (~> 3.10.0)
      rspec-expectations (~> 3.10.0)
      rspec-mocks (~> 3.10.0)
    rspec-core (3.10.1)
      rspec-support (~> 3.10.0)
    rspec-expectations (3.10.1)
      diff-lcs (>= 1.2.0, < 2.0)
      rspec-support (~> 3.10.0)
    rspec-mocks (3.10.2)
      diff-lcs (>= 1.2.0, < 2.0)
      rspec-support (~> 3.10.0)
    rspec-support (3.10.2)
    timers (4.3.3)

PLATFORMS
  x86-mingw32

DEPENDENCIES
  async-prefix!
  rake (~> 13.0)
  rspec (~> 3.10)

BUNDLED WITH
   2.2.22
